GEM
  remote: https://rubygems.org/
  specs:
    nio4r (2.5.4)
    puma (4.3.7)
      nio4r (~> 2.0)
    rack (2.2.3)
    rack-timeout (0.6.0)

PLATFORMS
  ruby

DEPENDENCIES
  puma (~> 4.0)
  rack
  rack-timeout

RUBY VERSION
   ruby 2.7.2p137

BUNDLED WITH
   2.1.4
