GEM
  remote: https://rubygems.org/
  specs:
    faraday (1.1.0)
      multipart-post (>= 1.2, < 3)
      ruby2_keywords
    multipart-post (2.1.1)
    nio4r (2.5.4)
    puma (4.3.7)
      nio4r (~> 2.0)
    rack (2.2.3)
    rack-timeout (0.6.0)
    ruby2_keywords (0.0.2)

PLATFORMS
  ruby

DEPENDENCIES
  faraday
  puma (~> 4.0)
  rack
  rack-timeout

RUBY VERSION
   ruby 2.7.2p137

BUNDLED WITH
   2.1.4
